PATH
  remote: .
  specs:
    bosh_manifest_generator (0.0.1)
      vault (~> 0.9)

GEM
  remote: https://rubygems.org/
  specs:
    diff-lcs (1.2.5)
    docile (1.1.5)
    json (1.8.3)
    rspec (3.4.0)
      rspec-core (~> 3.4.0)
      rspec-expectations (~> 3.4.0)
      rspec-mocks (~> 3.4.0)
    rspec-core (3.4.2)
      rspec-support (~> 3.4.0)
    rspec-expectations (3.4.0)
      diff-lcs (>= 1.2.0, < 2.0)
      rspec-support (~> 3.4.0)
    rspec-mocks (3.4.1)
      diff-lcs (>= 1.2.0, < 2.0)
      rspec-support (~> 3.4.0)
    rspec-support (3.4.1)
    simplecov (0.11.1)
      docile (~> 1.1.0)
      json (~> 1.8)
      simplecov-html (~> 0.10.0)
    simplecov-html (0.10.0)
    vault (0.9.0)

PLATFORMS
  ruby

DEPENDENCIES
  bosh_manifest_generator!
  rspec (~> 3.4.0)
  simplecov (~> 0.11.0)

BUNDLED WITH
   1.11.2
